GEM
  remote: https://rubygems.org/
  specs:
    mime-types (1.19)
    minitest (4.5.0)
    rest-client (1.6.7)
      mime-types (>= 1.16)

PLATFORMS
  ruby

DEPENDENCIES
  minitest
  rest-client
